GEM
  remote: https://rubygems.org/
  specs:
    sqlite3 (1.4.2)

PLATFORMS
  arm-linux-androideabi

DEPENDENCIES
  sqlite3 (~> 1.4)

BUNDLED WITH
   2.3.7
